PATH
  remote: .
  specs:
    network_ping_newrelic_plugin (0.1.0)
      dante
      json (= 1.8.6)
      newrelic_plugin

GEM
  remote: http://rubygems.org/
  specs:
    dante (0.2.0)
    json (1.8.6)
    newrelic_plugin (1.3.1)
      json

PLATFORMS
  ruby

DEPENDENCIES
  bundler (~> 1.17)
  network_ping_newrelic_plugin!

BUNDLED WITH
   1.17.1
